GEM
  remote: https://rubygems.org/
  specs:
    nio4r (2.7.4)
    puma (6.6.0)
      nio4r (~> 2.0)
    rack (3.1.12)

PLATFORMS
  arm64-darwin-23
  ruby

DEPENDENCIES
  puma (~> 6.6)
  rack (~> 3.1)

BUNDLED WITH
   2.6.5
